GEM
  remote: https://rubygems.org/
  specs:
    ffi (1.11.3-x64-mingw32)
    listen (3.2.0)
      rb-fsevent (~> 0.10, >= 0.10.3)
      rb-inotify (~> 0.9, >= 0.9.10)
    rack (2.0.7)
    rb-fsevent (0.10.3)
    rb-inotify (0.10.0)
      ffi (~> 1.0)
    rerun (0.13.0)
      listen (~> 3.0)
    roda (3.26.0)
      rack
    tilt (2.0.10)

PLATFORMS
  x64-mingw32

DEPENDENCIES
  rerun
  roda
  tilt

BUNDLED WITH
   1.17.2
